PATH
  remote: .
  specs:
    cocupu (0.0.2)
      activesupport (>= 3.0)
      httmultiparty (= 0.3.8)

GEM
  remote: http://rubygems.org/
  specs:
    activesupport (4.0.0)
      i18n (~> 0.6, >= 0.6.4)
      minitest (~> 4.2)
      multi_json (~> 1.3)
      thread_safe (~> 0.1)
      tzinfo (~> 0.3.37)
    atomic (1.1.12)
    diff-lcs (1.1.3)
    fakeweb (1.3.0)
    httmultiparty (0.3.8)
      httparty (>= 0.7.3)
      multipart-post
    httparty (0.9.0)
      multi_json (~> 1.0)
      multi_xml
    i18n (0.6.4)
    minitest (4.7.5)
    multi_json (1.7.8)
    multi_xml (0.5.1)
    multipart-post (1.1.5)
    rspec (2.12.0)
      rspec-core (~> 2.12.0)
      rspec-expectations (~> 2.12.0)
      rspec-mocks (~> 2.12.0)
    rspec-core (2.12.1)
    rspec-expectations (2.12.0)
      diff-lcs (~> 1.1.3)
    rspec-mocks (2.12.0)
    thread_safe (0.1.2)
      atomic
    tzinfo (0.3.37)

PLATFORMS
  ruby

DEPENDENCIES
  cocupu!
  fakeweb (= 1.3.0)
  rspec
