PATH
  remote: .
  specs:
    cocupu (0.0.1)
      httmultiparty (= 0.3.8)

GEM
  remote: http://rubygems.org/
  specs:
    fakeweb (1.3.0)
    httmultiparty (0.3.8)
      httparty (>= 0.7.3)
      multipart-post
    httparty (0.9.0)
      multi_json (~> 1.0)
      multi_xml
    multi_json (1.3.7)
    multi_xml (0.5.1)
    multipart-post (1.1.5)

PLATFORMS
  ruby

DEPENDENCIES
  cocupu!
  fakeweb (= 1.3.0)
